PATH
  remote: ~/gems/opal-connect
  specs:
    opal-connect (0.0.4)
      oga (>= 2.2)
      opal (>= 0.9.2)
      opal-jquery (>= 0.4.1)

PATH
  remote: ~/gems/scrivener-opal
  specs:
    scrivener-opal (1.0.0)

GEM
  remote: https://rubygems.org/
  specs:
    ansi (1.5.0)
    ast (2.2.0)
    awesome_print (1.6.1)
    aws-sdk (2.2.32)
      aws-sdk-resources (= 2.2.32)
    aws-sdk-core (2.2.32)
      jmespath (~> 1.0)
    aws-sdk-resources (2.2.32)
      aws-sdk-core (= 2.2.32)
    better_errors (2.1.1)
      coderay (>= 1.0.0)
      erubis (>= 2.6.6)
      rack (>= 0.9.0)
    binding_of_caller (0.7.2)
      debug_inspector (>= 0.0.1)
    builder (3.2.2)
    coderay (1.1.1)
    concurrent-ruby (1.0.1)
    debug_inspector (0.0.2)
    diff-lcs (1.2.5)
    erubis (2.7.0)
    faraday (0.9.2)
      multipart-post (>= 1.2, < 3)
    geminabox (0.13.0)
      builder
      faraday
      httpclient (>= 2.2.7)
      nesty
      sinatra (>= 1.2.7)
    hike (1.2.3)
    httpclient (2.7.1)
    jmespath (1.2.4)
      json_pure (>= 1.8.1)
    json_pure (1.8.3)
    method_source (0.8.2)
    multipart-post (2.0.0)
    nesty (1.0.2)
    oga (2.2)
      ast
      ruby-ll (~> 2.1)
    opal (0.10.0.beta2)
      hike (~> 1.2)
      sourcemap (~> 0.1.0)
      sprockets (~> 3.1)
      tilt (>= 1.4)
    opal-jquery (0.4.1)
      opal (>= 0.7.0, < 0.10.0)
    pg (0.18.4)
    pry (0.10.3)
      coderay (~> 1.1.0)
      method_source (~> 0.8.1)
      slop (~> 3.4)
    puma (3.2.0)
    rack (1.6.4)
    rack-cors (0.4.0)
    rack-protection (1.5.3)
      rack
    rack-session-sequel (0.0.1)
      rack
      sequel
    rack-ssl-enforcer (0.2.9)
    rack-timeout (0.3.2)
    rack-unreloader (1.5.0)
    rake (11.1.1)
    roda (2.11.0)
      rack
    rspec (3.4.0)
      rspec-core (~> 3.4.0)
      rspec-expectations (~> 3.4.0)
      rspec-mocks (~> 3.4.0)
    rspec-core (3.4.4)
      rspec-support (~> 3.4.0)
    rspec-expectations (3.4.0)
      diff-lcs (>= 1.2.0, < 2.0)
      rspec-support (~> 3.4.0)
    rspec-mocks (3.4.1)
      diff-lcs (>= 1.2.0, < 2.0)
      rspec-support (~> 3.4.0)
    rspec-support (3.4.1)
    ruby-ll (2.1.2)
      ansi
      ast
    sequel (4.33.0)
    sequel_pg (1.6.14)
      pg (>= 0.8.0)
      sequel (>= 3.39.0)
    sinatra (1.4.7)
      rack (~> 1.5)
      rack-protection (~> 1.4)
      tilt (>= 1.3, < 3)
    slop (3.6.0)
    sourcemap (0.1.1)
    sprockets (3.6.0)
      concurrent-ruby (~> 1.0)
      rack (> 1, < 3)
    tilt (2.0.2)

PLATFORMS
  ruby

DEPENDENCIES
  awesome_print
  aws-sdk (~> 2)
  better_errors
  binding_of_caller
  geminabox (= 0.13.0)
  opal (= 0.10.0.beta2)
  opal-connect (= 0.0.4)!
  opal-jquery (= 0.4.1)
  pg (~> 0.18.4)
  pry
  puma (= 3.2.0)
  rack-cors (= 0.4.0)
  rack-protection (= 1.5.3)
  rack-session-sequel
  rack-ssl-enforcer (= 0.2.9)
  rack-timeout (= 0.3.2)
  rack-unreloader (= 1.5.0)
  rake (= 11.1.1)
  roda (= 2.11.0)
  rspec (= 3.4.0)
  scrivener-opal!
  sequel (= 4.33.0)
  sequel_pg (= 1.6.14)

BUNDLED WITH
   1.11.2
