PATH
  remote: ~/gems/opal-connect
  specs:
    opal-connect (0.0.4)
      oga (>= 2.2)
      opal (>= 0.9.2)
      opal-jquery (>= 0.4.1)

GEM
  remote: https://rubygems.org/
  specs:
    ansi (1.5.0)
    ast (2.2.0)
    awesome_print (1.6.1)
    better_errors (2.1.1)
      coderay (>= 1.0.0)
      erubis (>= 2.6.6)
      rack (>= 0.9.0)
    binding_of_caller (0.7.2)
      debug_inspector (>= 0.0.1)
    coderay (1.1.1)
    concurrent-ruby (1.0.1)
    debug_inspector (0.0.2)
    erubis (2.7.0)
    hike (1.2.3)
    method_source (0.8.2)
    oga (2.2)
      ast
      ruby-ll (~> 2.1)
    opal (0.10.0.beta2)
      hike (~> 1.2)
      sourcemap (~> 0.1.0)
      sprockets (~> 3.1)
      tilt (>= 1.4)
    opal-jquery (0.4.1)
      opal (>= 0.7.0, < 0.10.0)
    pry (0.10.3)
      coderay (~> 1.1.0)
      method_source (~> 0.8.1)
      slop (~> 3.4)
    puma (3.2.0)
    rack (1.6.4)
    rack-unreloader (1.5.0)
    rake (11.1.1)
    roda (2.11.0)
      rack
    ruby-ll (2.1.2)
      ansi
      ast
    slop (3.6.0)
    sourcemap (0.1.1)
    sprockets (3.6.0)
      concurrent-ruby (~> 1.0)
      rack (> 1, < 3)
    tilt (2.0.2)

PLATFORMS
  ruby

DEPENDENCIES
  awesome_print
  better_errors
  binding_of_caller
  opal (= 0.10.0.beta2)
  opal-connect (= 0.0.4)!
  opal-jquery (= 0.4.1)
  pry
  puma (= 3.2.0)
  rack-unreloader (= 1.5.0)
  rake (= 11.1.1)
  roda (= 2.11.0)

BUNDLED WITH
   1.11.2
